GIT
  remote: git://github.com/soffes/hue.git
  revision: 6bd25f4be7864129e2bd00fa144ea01ba453dcad
  specs:
    hue (0.1.5)
      curb
      json
      log_switch (= 0.4.0)
      thor

GEM
  specs:
    curb (0.8.8)
    json (1.8.1)
    log_switch (0.4.0)
    thor (0.19.1)

PLATFORMS
  ruby

DEPENDENCIES
  hue!

BUNDLED WITH
   1.10.6
